GEM
  remote: https://rubygems.org/
  specs:
    actioncable (6.1.7.7)
      actionpack (= 6.1.7.7)
      activesupport (= 6.1.7.7)
      nio4r (~> 2.0)
      websocket-driver (>= 0.6.1)
    actionmailbox (6.1.7.7)
      actionpack (= 6.1.7.7)
      activejob (= 6.1.7.7)
      activerecord (= 6.1.7.7)
      activestorage (= 6.1.7.7)
      activesupport (= 6.1.7.7)
      mail (>= 2.7.1)
    actionmailer (6.1.7.7)
      actionpack (= 6.1.7.7)
      actionview (= 6.1.7.7)
      activejob (= 6.1.7.7)
      activesupport (= 6.1.7.7)
      mail (~> 2.5, >= 2.5.4)
      rails-dom-testing (~> 2.0)
    actionpack (6.1.7.7)
      actionview (= 6.1.7.7)
      activesupport (= 6.1.7.7)
      rack (~> 2.0, >= 2.0.9)
      rack-test (>= 0.6.3)
      rails-dom-testing (~> 2.0)
      rails-html-sanitizer (~> 1.0, >= 1.2.0)
    actiontext (6.1.7.7)
      actionpack (= 6.1.7.7)
      activerecord (= 6.1.7.7)
      activestorage (= 6.1.7.7)
      activesupport (= 6.1.7.7)
      nokogiri (>= 1.8.5)
    actionview (6.1.7.7)
      activesupport (= 6.1.7.7)
      builder (~> 3.1)
      erubi (~> 1.4)
      rails-dom-testing (~> 2.0)
      rails-html-sanitizer (~> 1.1, >= 1.2.0)
    activejob (6.1.7.7)
      activesupport (= 6.1.7.7)
      globalid (>= 0.3.6)
    activemodel (6.1.7.7)
      activesupport (= 6.1.7.7)
    activerecord (6.1.7.7)
      activemodel (= 6.1.7.7)
      activesupport (= 6.1.7.7)
    activestorage (6.1.7.7)
      actionpack (= 6.1.7.7)
      activejob (= 6.1.7.7)
      activerecord (= 6.1.7.7)
      activesupport (= 6.1.7.7)
      marcel (~> 1.0)
      mini_mime (>= 1.1.0)
    activesupport (6.1.7.7)
      concurrent-ruby (~> 1.0, >= 1.0.2)
      i18n (>= 1.6, < 2)
      minitest (>= 5.1)
      tzinfo (~> 2.0)
      zeitwerk (~> 2.3)
    addressable (2.8.6)
      public_suffix (>= 2.0.2, < 6.0)
    appsignal (3.4.13)
      rack
    authlogic (6.4.3)
      activemodel (>= 5.2, < 7.2)
      activerecord (>= 5.2, < 7.2)
      activesupport (>= 5.2, < 7.2)
      request_store (~> 1.0)
    aws-eventstream (1.3.0)
    aws-partitions (1.888.0)
    aws-sdk-cloudwatchlogs (1.79.0)
      aws-sdk-core (~> 3, >= 3.191.0)
      aws-sigv4 (~> 1.1)
    aws-sdk-codedeploy (1.64.0)
      aws-sdk-core (~> 3, >= 3.191.0)
      aws-sigv4 (~> 1.1)
    aws-sdk-core (3.191.1)
      aws-eventstream (~> 1, >= 1.3.0)
      aws-partitions (~> 1, >= 1.651.0)
      aws-sigv4 (~> 1.8)
      jmespath (~> 1, >= 1.6.1)
    aws-sdk-kms (1.77.0)
      aws-sdk-core (~> 3, >= 3.191.0)
      aws-sigv4 (~> 1.1)
    aws-sdk-s3 (1.143.0)
      aws-sdk-core (~> 3, >= 3.191.0)
      aws-sdk-kms (~> 1)
      aws-sigv4 (~> 1.8)
    aws-sigv4 (1.8.0)
      aws-eventstream (~> 1, >= 1.0.2)
    bcrypt (3.1.16)
    bigdecimal (3.1.6)
    brakeman (5.1.1)
    builder (3.2.4)
    bundler-audit (0.8.0)
      bundler (>= 1.2.0, < 3)
      thor (~> 1.0)
    capybara (3.39.2)
      addressable
      matrix
      mini_mime (>= 0.1.3)
      nokogiri (~> 1.8)
      rack (>= 1.6.0)
      rack-test (>= 0.6.3)
      regexp_parser (>= 1.5, < 3.0)
      xpath (~> 3.2)
    chronic (0.10.2)
    coderay (1.1.3)
    concurrent-ruby (1.2.3)
    connection_pool (2.4.1)
    crack (0.4.6)
      bigdecimal
      rexml
    crass (1.0.6)
    cucumber (2.4.0)
      builder (>= 2.1.2)
      cucumber-core (~> 1.5.0)
      cucumber-wire (~> 0.0.1)
      diff-lcs (>= 1.1.3)
      gherkin (~> 4.0)
      multi_json (>= 1.7.5, < 2.0)
      multi_test (>= 0.1.2)
    cucumber-core (1.5.0)
      gherkin (~> 4.0)
    cucumber-rails (1.4.0)
      capybara (>= 1.1.2)
      cucumber (>= 1.2.0)
      nokogiri (>= 1.5.0)
      rails (>= 3.0.0)
    cucumber-wire (0.0.1)
    daemons (1.2.6)
    dalli (3.2.3)
    database_cleaner (1.6.2)
    date (3.3.3)
    delayed-web (0.4.9)
      rails (>= 3.2.13)
    delayed_job (4.1.11)
      activesupport (>= 3.0, < 8.0)
    delayed_job_active_record (4.1.8)
      activerecord (>= 3.0, < 8.0)
      delayed_job (>= 3.0, < 5)
    diff-lcs (1.5.1)
    docile (1.3.1)
    dotenv (2.7.6)
    dotenv-rails (2.7.6)
      dotenv (= 2.7.6)
      railties (>= 3.2)
    email_spec (2.2.0)
      htmlentities (~> 4.3.3)
      launchy (~> 2.1)
      mail (~> 2.7)
    erubi (1.12.0)
    execjs (2.7.0)
    factory_bot (6.1.0)
      activesupport (>= 5.0.0)
    factory_bot_rails (6.1.0)
      factory_bot (~> 6.1.0)
      railties (>= 5.0.0)
    faker (3.1.1)
      i18n (>= 1.8.11, < 2)
    faraday (1.10.3)
      faraday-em_http (~> 1.0)
      faraday-em_synchrony (~> 1.0)
      faraday-excon (~> 1.1)
      faraday-httpclient (~> 1.0)
      faraday-multipart (~> 1.0)
      faraday-net_http (~> 1.0)
      faraday-net_http_persistent (~> 1.0)
      faraday-patron (~> 1.0)
      faraday-rack (~> 1.0)
      faraday-retry (~> 1.0)
      ruby2_keywords (>= 0.0.4)
    faraday-em_http (1.0.0)
    faraday-em_synchrony (1.0.0)
    faraday-excon (1.1.0)
    faraday-httpclient (1.0.1)
    faraday-multipart (1.0.4)
      multipart-post (~> 2)
    faraday-net_http (1.0.1)
    faraday-net_http_persistent (1.2.0)
    faraday-patron (1.0.0)
    faraday-rack (1.0.0)
    faraday-retry (1.0.3)
    faraday_middleware (1.2.0)
      faraday (~> 1.0)
    ffi (1.15.5)
    ffi-compiler (1.0.1)
      ffi (>= 1.0.0)
      rake
    gherkin (4.1.3)
    globalid (1.2.1)
      activesupport (>= 6.1)
    hashdiff (1.1.0)
    htmlentities (4.3.4)
    i18n (1.14.1)
      concurrent-ruby (~> 1.0)
    image_processing (1.12.2)
      mini_magick (>= 4.9.5, < 5)
      ruby-vips (>= 2.0.17, < 3)
    jbuilder (2.11.5)
      actionview (>= 5.0.0)
      activesupport (>= 5.0.0)
    jmespath (1.6.2)
    jquery-rails (4.4.0)
      rails-dom-testing (>= 1, < 3)
      railties (>= 4.2.0)
      thor (>= 0.14, < 2.0)
    json (2.3.0)
    launchy (2.4.3)
      addressable (~> 2.3)
    lograge (0.14.0)
      actionpack (>= 4)
      activesupport (>= 4)
      railties (>= 4)
      request_store (~> 1.0)
    logstash-event (1.2.02)
    logstash-logger (0.26.1)
      logstash-event (~> 1.2)
    loofah (2.22.0)
      crass (~> 1.0.2)
      nokogiri (>= 1.12.0)
    mail (2.8.1)
      mini_mime (>= 0.1.1)
      net-imap
      net-pop
      net-smtp
    marcel (1.0.2)
    matrix (0.4.2)
    maxminddb (0.1.15)
    method_source (1.0.0)
    mini_magick (4.11.0)
    mini_mime (1.1.5)
    minitest (5.22.2)
    multi_json (1.14.1)
    multi_test (0.1.2)
    multipart-post (2.4.0)
    net-http-persistent (4.0.2)
      connection_pool (~> 2.2)
    net-imap (0.4.1)
      date
      net-protocol
    net-pop (0.1.2)
      net-protocol
    net-protocol (0.2.1)
      timeout
    net-smtp (0.4.0)
      net-protocol
    nio4r (2.7.0)
    nokogiri (1.16.2-aarch64-linux)
      racc (~> 1.4)
    nokogiri (1.16.2-arm64-darwin)
      racc (~> 1.4)
    nokogiri (1.16.2-x86_64-darwin)
      racc (~> 1.4)
    nokogiri (1.16.2-x86_64-linux)
      racc (~> 1.4)
    pg (1.4.6)
    pry (0.14.2)
      coderay (~> 1.1)
      method_source (~> 1.0)
    public_suffix (5.0.4)
    puma (5.6.8)
      nio4r (~> 2.0)
    racc (1.7.3)
    rack (2.2.8)
    rack-test (2.1.0)
      rack (>= 1.3)
    rails (6.1.7.7)
      actioncable (= 6.1.7.7)
      actionmailbox (= 6.1.7.7)
      actionmailer (= 6.1.7.7)
      actionpack (= 6.1.7.7)
      actiontext (= 6.1.7.7)
      actionview (= 6.1.7.7)
      activejob (= 6.1.7.7)
      activemodel (= 6.1.7.7)
      activerecord (= 6.1.7.7)
      activestorage (= 6.1.7.7)
      activesupport (= 6.1.7.7)
      bundler (>= 1.15.0)
      railties (= 6.1.7.7)
      sprockets-rails (>= 2.0.0)
    rails-controller-testing (1.0.5)
      actionpack (>= 5.0.1.rc1)
      actionview (>= 5.0.1.rc1)
      activesupport (>= 5.0.1.rc1)
    rails-dom-testing (2.2.0)
      activesupport (>= 5.0.0)
      minitest
      nokogiri (>= 1.6)
    rails-html-sanitizer (1.6.0)
      loofah (~> 2.21)
      nokogiri (~> 1.14)
    railties (6.1.7.7)
      actionpack (= 6.1.7.7)
      activesupport (= 6.1.7.7)
      method_source
      rake (>= 12.2)
      thor (~> 1.0)
    rake (13.1.0)
    rb-fsevent (0.10.4)
    rb-inotify (0.10.1)
      ffi (~> 1.0)
    redcarpet (3.5.1)
    regexp_parser (2.8.2)
    request_store (1.5.0)
      rack (>= 1.4)
    rexml (3.2.6)
    rspec-core (3.13.0)
      rspec-support (~> 3.13.0)
    rspec-expectations (3.13.0)
      diff-lcs (>= 1.2.0, < 2.0)
      rspec-support (~> 3.13.0)
    rspec-mocks (3.13.0)
      diff-lcs (>= 1.2.0, < 2.0)
      rspec-support (~> 3.13.0)
    rspec-rails (6.1.1)
      actionpack (>= 6.1)
      activesupport (>= 6.1)
      railties (>= 6.1)
      rspec-core (~> 3.12)
      rspec-expectations (~> 3.12)
      rspec-mocks (~> 3.12)
      rspec-support (~> 3.12)
    rspec-support (3.13.0)
    ruby-vips (2.1.4)
      ffi (~> 1.12)
    ruby2_keywords (0.0.5)
    rubyzip (2.3.2)
    sass (3.7.4)
      sass-listen (~> 4.0.0)
    sass-listen (4.0.0)
      rb-fsevent (~> 0.9, >= 0.9.4)
      rb-inotify (~> 0.9, >= 0.9.7)
    sass-rails (5.1.0)
      railties (>= 5.2.0)
      sass (~> 3.1)
      sprockets (>= 2.8, < 4.0)
      sprockets-rails (>= 2.0, < 4.0)
      tilt (>= 1.1, < 3)
    scrypt (3.0.7)
      ffi-compiler (>= 1.0, < 2.0)
    selenium-webdriver (4.9.0)
      rexml (~> 3.2, >= 3.2.5)
      rubyzip (>= 1.2.2, < 3.0)
      websocket (~> 1.0)
    shoulda-matchers (5.3.0)
      activesupport (>= 5.2.0)
    simplecov (0.16.1)
      docile (~> 1.1)
      json (>= 1.8, < 3)
      simplecov-html (~> 0.10.0)
    simplecov-html (0.10.2)
    slack-notifier (2.4.0)
    sprockets (3.7.2)
      concurrent-ruby (~> 1.0)
      rack (> 1, < 3)
    sprockets-rails (3.4.2)
      actionpack (>= 5.2)
      activesupport (>= 5.2)
      sprockets (>= 3.0.0)
    textacular (5.4.0)
      activerecord (>= 5.0, < 6.2)
    thor (1.3.0)
    tilt (2.0.10)
    timeout (0.4.0)
    tzinfo (2.0.6)
      concurrent-ruby (~> 1.0)
    uglifier (4.1.8)
      execjs (>= 0.3.0, < 3)
    webmock (3.20.0)
      addressable (>= 2.8.0)
      crack (>= 0.3.2)
      hashdiff (>= 0.4.0, < 2.0.0)
    webrick (1.8.1)
    websocket (1.2.10)
    websocket-driver (0.7.6)
      websocket-extensions (>= 0.1.0)
    websocket-extensions (0.1.5)
    whenever (0.10.0)
      chronic (>= 0.6.3)
    will_paginate (3.3.1)
    xpath (3.2.0)
      nokogiri (~> 1.8)
    zeitwerk (2.6.13)

PLATFORMS
  aarch64-linux
  arm64-darwin
  x86_64-darwin
  x86_64-linux

DEPENDENCIES
  appsignal
  authlogic
  aws-sdk-cloudwatchlogs
  aws-sdk-codedeploy
  aws-sdk-s3
  bcrypt
  brakeman
  bundler-audit
  capybara
  connection_pool
  cucumber (~> 2.4.0)
  cucumber-rails
  daemons
  dalli
  database_cleaner
  delayed-web
  delayed_job_active_record
  dotenv-rails
  email_spec
  factory_bot_rails
  faker
  faraday
  faraday_middleware
  image_processing
  jbuilder
  jquery-rails
  json
  launchy
  lograge
  logstash-logger
  maxminddb
  net-http-persistent
  nokogiri (< 1.17)
  pg (< 1.5)
  pry
  puma (< 6)
  rails (= 6.1.7.7)
  rails-controller-testing
  rake
  redcarpet
  rspec-rails
  sass-rails (~> 5.0)
  scrypt
  selenium-webdriver
  shoulda-matchers
  simplecov
  slack-notifier
  textacular
  uglifier
  webmock
  webrick
  whenever
  will_paginate

BUNDLED WITH
   2.3.27
